GEM
  remote: https://rubygems.org/
  specs:
    artii (2.1.2)
    colorize (0.8.1)
    rainbow (3.0.0)

PLATFORMS
  x64-mingw32

DEPENDENCIES
  artii (~> 2.1)
  colorize (~> 0.8.1)
  rainbow (~> 3.0)

BUNDLED WITH
   2.2.15
