GEM
  remote: https://rubygems.org/
  specs:
    artii (2.1.2)
    colorize (0.8.1)
    ffi (1.15.0-x64-mingw32)
    pastel (0.8.0)
      tty-color (~> 0.5)
    rainbow (3.0.0)
    tty-color (0.6.0)
    tty-cursor (0.7.1)
    tty-prompt (0.23.1)
      pastel (~> 0.8)
      tty-reader (~> 0.8)
    tty-reader (0.9.0)
      tty-cursor (~> 0.7)
      tty-screen (~> 0.8)
      wisper (~> 2.0)
    tty-screen (0.8.1)
    win32-sound (0.6.2)
      ffi
    wisper (2.0.1)

PLATFORMS
  x64-mingw32

DEPENDENCIES
  artii (~> 2.1)
  colorize (~> 0.8.1)
  rainbow (~> 3.0)
  tty-prompt (~> 0.23.1)
  win32-sound (~> 0.6.2)

BUNDLED WITH
   2.2.15
